PATH
  remote: .
  specs:
    cx_extractor (0.1.2)
      gruff (~> 0.7.0)
      nokogiri (~> 1.0)

GEM
  remote: https://rubygems.org/
  specs:
    charlock_holmes (0.7.6)
    diff-lcs (1.3)
    ethon (0.12.0)
      ffi (>= 1.3.0)
    ffi (1.11.1)
    gruff (0.7.0)
      rmagick (~> 2.13, >= 2.13.4)
    mini_portile2 (2.6.1)
    nokogiri (1.12.5)
      mini_portile2 (~> 2.6.1)
      racc (~> 1.4)
    racc (1.5.2)
    rake (13.0.1)
    rmagick (2.16.0)
    rspec (3.8.0)
      rspec-core (~> 3.8.0)
      rspec-expectations (~> 3.8.0)
      rspec-mocks (~> 3.8.0)
    rspec-core (3.8.0)
      rspec-support (~> 3.8.0)
    rspec-expectations (3.8.3)
      diff-lcs (>= 1.2.0, < 2.0)
      rspec-support (~> 3.8.0)
    rspec-mocks (3.8.0)
      diff-lcs (>= 1.2.0, < 2.0)
      rspec-support (~> 3.8.0)
    rspec-support (3.8.0)
    typhoeus (1.3.1)
      ethon (>= 0.9.0)

PLATFORMS
  ruby

DEPENDENCIES
  bundler (~> 1.16)
  charlock_holmes
  cx_extractor!
  rake (~> 13.0)
  rspec (~> 3.0)
  typhoeus

BUNDLED WITH
   1.16.6
